PATH
  remote: .
  specs:
    undies (2.1.0)

GEM
  remote: http://rubygems.org/
  specs:
    ansi (1.4.1)
    assert (0.7.3)
      assert-view (~> 0.5)
    assert-view (0.5.0)
      ansi (~> 1.3)
      undies (~> 2.0)
    erubis (2.7.0)
    rake (0.9.2)
    ruby-prof (0.10.8)

PLATFORMS
  ruby

DEPENDENCIES
  ansi
  assert (~> 0.7.3)
  bundler (~> 1.0)
  erubis
  rake (~> 0.9.2)
  ruby-prof
  undies!
