PATH
  remote: .
  specs:
    undies (3.0.0.rc.3)

GEM
  remote: https://rubygems.org/
  specs:
    ansi (1.4.3)
    assert (2.3.0)
      ansi (~> 1.3)
    builder (3.0.0)
    coderay (1.0.9)
    erector (0.8.3)
      rake
      rake
      treetop
      treetop (>= 1.2.3)
    erubis (2.7.0)
    haml (3.1.4)
    markaby (0.7.2)
      builder (>= 2.0.0)
    method_source (0.8.1)
    polyglot (0.3.3)
    pry (0.9.12.2)
      coderay (~> 1.0.5)
      method_source (~> 0.8)
      slop (~> 3.4)
    rake (0.9.2)
    ruby-prof (0.10.8)
    slop (3.4.5)
    treetop (1.4.10)
      polyglot
      polyglot (>= 0.3.1)
    whysoslow (0.0.2)
      ansi (~> 1.4)

PLATFORMS
  ruby

DEPENDENCIES
  ansi
  assert
  erector
  erubis
  haml
  markaby
  pry
  rake
  ruby-prof
  undies!
  whysoslow
