PATH
  remote: .
  specs:
    undies (2.2.1)

GEM
  remote: http://rubygems.org/
  specs:
    ansi (1.4.2)
    assert (0.7.3)
      assert-view (~> 0.5)
    assert-view (0.6.0)
      ansi (~> 1.3)
    builder (3.0.0)
    erector (0.8.3)
      rake
      rake
      treetop
      treetop (>= 1.2.3)
    erubis (2.7.0)
    haml (3.1.4)
    markaby (0.7.2)
      builder (>= 2.0.0)
    polyglot (0.3.3)
    rake (0.9.2)
    ruby-prof (0.10.8)
    treetop (1.4.10)
      polyglot
      polyglot (>= 0.3.1)
    whysoslow (0.0.2)
      ansi (~> 1.4)

PLATFORMS
  ruby

DEPENDENCIES
  ansi
  assert (~> 0.7.3)
  assert-view (~> 0.6)
  bundler (~> 1.0)
  erector
  erubis
  haml
  markaby
  rake (~> 0.9.2)
  ruby-prof
  undies!
  whysoslow (~> 0.0)
